PATH
  remote: ../..
  specs:
    featurehub-sdk (0.0.1)
      concurrent-ruby (~> 1.1.10)
      faraday (~> 2.3)
      murmurhash3 (~> 0.1.6)
      sem_version (~> 2.0.0)

GEM
  remote: https://rubygems.org/
  specs:
    concurrent-ruby (1.1.10)
    daemons (1.4.1)
    eventmachine (1.2.7)
    faraday (2.3.0)
      faraday-net_http (~> 2.0)
      ruby2_keywords (>= 0.0.4)
    faraday-net_http (2.0.3)
    murmurhash3 (0.1.6)
    mustermann (1.1.1)
      ruby2_keywords (~> 0.0.1)
    rack (2.2.3.1)
    rack-protection (2.2.0)
      rack
    ruby2_keywords (0.0.5)
    sem_version (2.0.1)
    shotgun (0.9.2)
      rack (>= 1.0)
    sinatra (2.2.0)
      mustermann (~> 1.0)
      rack (~> 2.2)
      rack-protection (= 2.2.0)
      tilt (~> 2.0)
    thin (1.8.1)
      daemons (~> 1.0, >= 1.0.9)
      eventmachine (~> 1.0, >= 1.0.4)
      rack (>= 1, < 3)
    tilt (2.0.10)

PLATFORMS
  x86_64-darwin-21

DEPENDENCIES
  featurehub-sdk!
  rack
  shotgun
  sinatra
  thin

RUBY VERSION
   ruby 2.7.6p219

BUNDLED WITH
   2.3.15
